GEM
  remote: http://rubygems.org/
  specs:
    minitest (5.0.6)
    oj (2.1.4)
    rake (10.0.3)
    sqlite3 (1.3.8)

PLATFORMS
  ruby

DEPENDENCIES
  minitest (~> 5.0.0)
  oj
  rake (~> 10.0.0)
  sqlite3
